GEM
  remote: http://rubygems.org/
  specs:
    builder (3.2.2)
    cucumber (1.0.0)
      builder (>= 2.1.2)
      diff-lcs (>= 1.1.2)
      gherkin (~> 2.4.1)
      json (>= 1.4.6)
      term-ansicolor (>= 1.0.5)
    diff-lcs (1.2.5)
    gherkin (2.4.21)
      json (>= 1.4.6)
    json (1.8.3)
    rspec-expectations (3.0.0)
      diff-lcs (>= 1.2.0, < 2.0)
      rspec-support (~> 3.0.0)
    rspec-support (3.0.4)
    term-ansicolor (1.3.2)
      tins (~> 1.0)
    tins (1.8.1)

PLATFORMS
  ruby

DEPENDENCIES
  cucumber (= 1.0)
  rspec-expectations (= 3.0)

BUNDLED WITH
   1.10.6
